RESTRICTION: == net6.0
NUGET
  remote: https://api.nuget.org/v3/index.json
    FSharp.Core (6.0.4)
    FSharp.Data (4.2.8)
      FSharp.Core (>= 4.7.2)
    Microsoft.AspNetCore.JsonPatch (6.0.5)
      Microsoft.CSharp (>= 4.7)
      Newtonsoft.Json (>= 13.0.1)
    Microsoft.AspNetCore.Mvc.NewtonsoftJson (6.0.5)
      Microsoft.AspNetCore.JsonPatch (>= 6.0.5)
      Newtonsoft.Json (>= 13.0.1)
      Newtonsoft.Json.Bson (>= 1.0.2)
    Microsoft.CSharp (4.7)
    Microsoft.Extensions.ApiDescription.Server (6.0.5)
    Microsoft.Extensions.Configuration.Abstractions (6.0)
      Microsoft.Extensions.Primitives (>= 6.0)
    Microsoft.Extensions.Configuration.Binder (6.0)
      Microsoft.Extensions.Configuration.Abstractions (>= 6.0)
    Microsoft.Extensions.DependencyInjection (6.0)
      Microsoft.Extensions.DependencyInjection.Abstractions (>= 6.0)
      System.Runtime.CompilerServices.Unsafe (>= 6.0)
    Microsoft.Extensions.DependencyInjection.Abstractions (6.0)
    Microsoft.Extensions.FileProviders.Abstractions (6.0)
      Microsoft.Extensions.Primitives (>= 6.0)
    Microsoft.Extensions.FileProviders.Embedded (6.0.5)
      Microsoft.Extensions.FileProviders.Abstractions (>= 6.0)
    Microsoft.Extensions.Logging (6.0)
      Microsoft.Extensions.DependencyInjection (>= 6.0)
      Microsoft.Extensions.DependencyInjection.Abstractions (>= 6.0)
      Microsoft.Extensions.Logging.Abstractions (>= 6.0)
      Microsoft.Extensions.Options (>= 6.0)
      System.Diagnostics.DiagnosticSource (>= 6.0)
    Microsoft.Extensions.Logging.Abstractions (6.0.1)
    Microsoft.Extensions.Options (6.0)
      Microsoft.Extensions.DependencyInjection.Abstractions (>= 6.0)
      Microsoft.Extensions.Primitives (>= 6.0)
    Microsoft.Extensions.Primitives (6.0)
      System.Runtime.CompilerServices.Unsafe (>= 6.0)
    Microsoft.FeatureManagement (2.5.1)
      Microsoft.Extensions.Configuration.Binder (>= 2.1.10)
      Microsoft.Extensions.Logging (>= 2.1.1)
    Microsoft.FeatureManagement.AspNetCore (2.5.1)
      Microsoft.FeatureManagement (>= 2.5.1)
    Namotion.Reflection (2.0.10)
      Microsoft.CSharp (>= 4.3)
    Newtonsoft.Json (13.0.1)
    Newtonsoft.Json.Bson (1.0.2)
      Newtonsoft.Json (>= 12.0.1)
    NJsonSchema (10.7.2)
      Namotion.Reflection (>= 2.0.10)
      Newtonsoft.Json (>= 9.0.1)
    NJsonSchema.Yaml (10.7.2)
      Microsoft.CSharp (>= 4.4.1)
      NJsonSchema (>= 10.7.2)
      YamlDotNet (>= 11.2.1)
    NLog (5.0)
    NLog.Extensions.Logging (5.0)
      Microsoft.Extensions.Configuration.Abstractions (>= 5.0)
      Microsoft.Extensions.Logging (>= 5.0)
      NLog (>= 5.0)
    NLog.Web.AspNetCore (5.0)
      NLog.Extensions.Logging (>= 5.0)
    NSwag.Annotations (13.16.1)
    NSwag.AspNetCore (13.16.1)
      Microsoft.Extensions.ApiDescription.Server (>= 6.0.3)
      Microsoft.Extensions.FileProviders.Embedded (>= 6.0 < 7.0)
      NSwag.Annotations (>= 13.16.1)
      NSwag.Core (>= 13.16.1)
      NSwag.Core.Yaml (>= 13.16.1)
      NSwag.Generation (>= 13.16.1)
      NSwag.Generation.AspNetCore (>= 13.16.1)
    NSwag.Core (13.16.1)
      Newtonsoft.Json (>= 9.0.1)
      NJsonSchema (>= 10.7.2)
    NSwag.Core.Yaml (13.16.1)
      NJsonSchema.Yaml (>= 10.7.2)
      NSwag.Core (>= 13.16.1)
      YamlDotNet (>= 11.2.1)
    NSwag.Generation (13.16.1)
      Newtonsoft.Json (>= 9.0.1)
      NJsonSchema (>= 10.7.2)
      NSwag.Core (>= 13.16.1)
    NSwag.Generation.AspNetCore (13.16.1)
      Microsoft.Extensions.DependencyInjection.Abstractions (>= 6.0 < 7.0)
      Microsoft.Extensions.Options (>= 6.0 < 7.0)
      NSwag.Generation (>= 13.16.1)
    System.Diagnostics.DiagnosticSource (6.0)
      System.Runtime.CompilerServices.Unsafe (>= 6.0)
    System.Runtime.CompilerServices.Unsafe (6.0)
    YamlDotNet (11.2.1)

GROUP Test
RESTRICTION: == net6.0
NUGET
  remote: https://api.nuget.org/v3/index.json
    AutoFixture (4.17)
      Fare (>= 2.1.1 < 3.0)
      System.ComponentModel.Annotations (>= 4.3)
    Fare (2.2)
    Microsoft.CodeCoverage (17.2)
    Microsoft.NET.Test.Sdk (17.2)
      Microsoft.CodeCoverage (>= 17.2)
      Microsoft.TestPlatform.TestHost (>= 17.2)
    Microsoft.NETCore.Platforms (6.0.3)
    Microsoft.TestPlatform.ObjectModel (17.2)
      NuGet.Frameworks (>= 5.11)
      System.Reflection.Metadata (>= 1.6)
    Microsoft.TestPlatform.TestHost (17.2)
      Microsoft.TestPlatform.ObjectModel (>= 17.2)
      Newtonsoft.Json (>= 9.0.1)
    NETStandard.Library (2.0.3)
      Microsoft.NETCore.Platforms (>= 1.1)
    Newtonsoft.Json (13.0.1)
    NuGet.Frameworks (6.2)
    System.Collections.Immutable (6.0)
      System.Runtime.CompilerServices.Unsafe (>= 6.0)
    System.ComponentModel.Annotations (5.0)
    System.Reflection.Metadata (6.0.1)
      System.Collections.Immutable (>= 6.0)
    System.Runtime.CompilerServices.Unsafe (6.0)
    xunit (2.4.1)
      xunit.analyzers (>= 0.10)
      xunit.assert (2.4.1)
      xunit.core (2.4.1)
    xunit.abstractions (2.0.3)
    xunit.analyzers (0.10)
    xunit.assert (2.4.1)
      NETStandard.Library (>= 1.6.1)
    xunit.core (2.4.1)
      xunit.extensibility.core (2.4.1)
      xunit.extensibility.execution (2.4.1)
    xunit.extensibility.core (2.4.1)
      NETStandard.Library (>= 1.6.1)
      xunit.abstractions (>= 2.0.3)
    xunit.extensibility.execution (2.4.1)
      NETStandard.Library (>= 1.6.1)
      xunit.extensibility.core (2.4.1)
    xunit.runner.visualstudio (2.4.5)
